PATH
  remote: .
  specs:
    authorize (0.0.1)
      redis (~> 2.1)

GEM
  remote: http://rubygems.org/
  specs:
    actionmailer (2.3.10)
      actionpack (= 2.3.10)
    actionpack (2.3.10)
      activesupport (= 2.3.10)
      rack (~> 1.1.0)
    activerecord (2.3.10)
      activesupport (= 2.3.10)
    activeresource (2.3.10)
      activesupport (= 2.3.10)
    activesupport (2.3.10)
    mocha (0.9.10)
      rake
    rack (1.1.0)
    rails (2.3.10)
      actionmailer (= 2.3.10)
      actionpack (= 2.3.10)
      activerecord (= 2.3.10)
      activeresource (= 2.3.10)
      activesupport (= 2.3.10)
      rake (>= 0.8.3)
    rake (0.8.7)
    redis (2.1.1)
    sqlite3 (1.3.3)

PLATFORMS
  ruby

DEPENDENCIES
  authorize!
  mocha (~> 0.9)
  rails (~> 2.3)
  redis (~> 2.1)
  sqlite3 (~> 1.3)
